GEM
  remote: https://rubygems.org/
  specs:
    CFPropertyList (2.2.8)
    facter (2.1.0)
      CFPropertyList (~> 2.2.6)
    hiera (1.3.4)
      json_pure
    json_pure (1.8.1)
    puppet (3.6.2)
      facter (> 1.6, < 3)
      hiera (~> 1.0)
      json_pure
      rgen (~> 0.6.5)
    puppet-lint (0.4.0.pre1)
    rake (10.3.2)
    rgen (0.6.6)

PLATFORMS
  ruby

DEPENDENCIES
  facter (~> 2.1.0)
  puppet (~> 3.6.2)
  puppet-lint (~> 0.4.0.pre1)
  rake (~> 10.3.2)
